GEM
  remote: http://rubygems.org/
  specs:
    activesupport (2.3.11)
    diff-lcs (1.1.2)
    git (1.2.5)
    jeweler (1.6.0)
      bundler (~> 1.0.0)
      git (>= 1.2.5)
      rake
    json_pure (1.4.6)
    mocha (0.9.12)
    nokogiri (1.4.4)
    rake (0.8.7)
    rcov (0.9.9)
    rspec (2.3.0)
      rspec-core (~> 2.3.0)
      rspec-expectations (~> 2.3.0)
      rspec-mocks (~> 2.3.0)
    rspec-core (2.3.1)
    rspec-expectations (2.3.0)
      diff-lcs (~> 1.1.2)
    rspec-mocks (2.3.0)
    will_paginate (2.3.15)

PLATFORMS
  ruby

DEPENDENCIES
  activesupport (~> 2.3.11)
  bundler (~> 1.0.0)
  jeweler (~> 1.6.0)
  json_pure (= 1.4.6)
  mocha (~> 0.9.12)
  nokogiri (~> 1.4.1)
  rake (= 0.8.7)
  rcov
  rspec (~> 2.3.0)
  will_paginate (~> 2.3.15)
